PATH
  remote: .
  specs:
    camus (0.1.0)
      poseidon
      snappy

GEM
  remote: https://rubygems.org/
  specs:
    coderay (1.0.9)
    diff-lcs (1.2.5)
    method_source (0.8.2)
    poseidon (0.0.5)
    pry (0.9.12)
      coderay (~> 1.0.5)
      method_source (~> 0.8)
      slop (~> 3.4)
    rake (10.4.2)
    rspec (3.2.0)
      rspec-core (~> 3.2.0)
      rspec-expectations (~> 3.2.0)
      rspec-mocks (~> 3.2.0)
    rspec-core (3.2.3)
      rspec-support (~> 3.2.0)
    rspec-expectations (3.2.1)
      diff-lcs (>= 1.2.0, < 2.0)
      rspec-support (~> 3.2.0)
    rspec-mocks (3.2.1)
      diff-lcs (>= 1.2.0, < 2.0)
      rspec-support (~> 3.2.0)
    rspec-support (3.2.2)
    slop (3.6.0)
    snappy (0.0.12)

PLATFORMS
  ruby

DEPENDENCIES
  bundler (~> 1.10)
  camus!
  pry (= 0.9.12)
  rake (~> 10.0)
  rspec (= 3.2.0)

BUNDLED WITH
   1.10.3
